GIT
  remote: git://github.com/sproutcore/abbot.git
  revision: af1756cd1424a13923148d3894b41ae1613058d2
  specs:
    sproutcore (1.5.0.pre.3)
      chunky_png (~> 0.12.0)
      compass (~> 0.10.5)
      erubis (~> 2.6.6)
      eventmachine (>= 0.12.10)
      extlib (~> 0.9.15)
      haml (~> 3.0.24)
      json_pure (~> 1.4.6)
      rack (~> 1.2.1)
      thin (~> 1.2.7)
      thor (~> 0.14.3)

GIT
  remote: git@github.com:strobecorp/monk.git
  revision: fb664e23ad43747ab318d81e319ab00bd4082da3
  specs:
    strobe (0.1.4)
      activemodel (~> 3.0.0)
      launchy
      mime-types (~> 1.16.0)
      rack (~> 1.2.0)
      thor (~> 0.14.0)

GEM
  specs:
    abstract (1.0.0)
    activemodel (3.0.4)
      activesupport (= 3.0.4)
      builder (~> 2.1.2)
      i18n (~> 0.4)
    activesupport (3.0.4)
    builder (2.1.2)
    chunky_png (0.12.0)
    compass (0.10.6)
      haml (>= 3.0.4)
    configuration (1.2.0)
    daemons (1.1.0)
    erubis (2.6.6)
      abstract (>= 1.0.0)
    eventmachine (0.12.10)
    extlib (0.9.15)
    haml (3.0.25)
    i18n (0.5.0)
    json_pure (1.4.6)
    launchy (0.3.7)
      configuration (>= 0.0.5)
      rake (>= 0.8.1)
    mime-types (1.16)
    rack (1.2.1)
    rake (0.8.7)
    thin (1.2.7)
      daemons (>= 1.0.9)
      eventmachine (>= 0.12.6)
      rack (>= 1.0.0)
    thor (0.14.6)

PLATFORMS
  ruby

DEPENDENCIES
  sproutcore!
  strobe!
