GIT
  remote: git://github.com/sproutcore/abbot.git
  revision: e9757cf9499988796d8c6b4cb8aa43e92d64421a
  specs:
    sproutcore (1.4.4)
      chunky_png (~> 0.12.0)
      compass (~> 0.10.5)
      erubis (~> 2.6.6)
      eventmachine (>= 0.12.10)
      extlib (~> 0.9.15)
      haml (~> 3.0.24)
      json_pure (~> 1.4.6)
      rack (~> 1.2.1)
      thin (~> 1.2.7)
      thor (~> 0.14.3)

GIT
  remote: git@github.com:strobecorp/monk.git
  revision: fca998ef52279c975917dbfc926164a7a1505f4f
  specs:
    strobe (0.1.4)
      activemodel (~> 3.0.0)
      highline (~> 1.6.0)
      mime-types (~> 1.16.0)
      rack (~> 1.2.0)
      thor (~> 0.14.0)

GEM
  specs:
    abstract (1.0.0)
    activemodel (3.0.3)
      activesupport (= 3.0.3)
      builder (~> 2.1.2)
      i18n (~> 0.4)
    activesupport (3.0.3)
    builder (2.1.2)
    chunky_png (0.12.0)
    compass (0.10.6)
      haml (>= 3.0.4)
    daemons (1.1.0)
    erubis (2.6.6)
      abstract (>= 1.0.0)
    eventmachine (0.12.10)
    extlib (0.9.15)
    haml (3.0.25)
    highline (1.6.1)
    i18n (0.5.0)
    json_pure (1.4.6)
    mime-types (1.16)
    rack (1.2.1)
    thin (1.2.7)
      daemons (>= 1.0.9)
      eventmachine (>= 0.12.6)
      rack (>= 1.0.0)
    thor (0.14.6)

PLATFORMS
  ruby

DEPENDENCIES
  sproutcore!
  strobe!
